GEM
  remote: http://rubygems.org/
  specs:
    mini_portile2 (2.8.0)
    nokogiri (1.13.3)
      mini_portile2 (~> 2.8.0)
      racc (~> 1.4)
    nokogiri (1.13.3-java)
      racc (~> 1.4)
    racc (1.6.0)
    racc (1.6.0-java)
    rubyXL (3.3.29)
      nokogiri (>= 1.4.4)
      rubyzip (>= 1.1.6)
    rubyzip (1.2.2)

PLATFORMS
  java
  ruby

DEPENDENCIES
  rubyXL (= 3.3.29)

BUNDLED WITH
   1.16.1
